GEM
  remote: https://rubygems.org/
  specs:
    byebug (11.1.3)
    coderay (1.1.3)
    method_source (1.0.0)
    pry (0.13.1)
      coderay (~> 1.1)
      method_source (~> 1.0)
    pry-byebug (3.9.0)
      byebug (~> 11.0)
      pry (~> 0.13.0)
    pry-rails (0.3.9)
      pry (>= 0.10.4)
    require_all (3.0.0)

PLATFORMS
  ruby

DEPENDENCIES
  pry
  pry-byebug
  pry-rails
  require_all

BUNDLED WITH
   2.1.4
